NUGET
  remote: http://api.nuget.org/v3/index.json
    FAKE (4.40.1)
